GEM
  remote: https://rubygems.org/
  specs:
    base32 (0.3.2)
    digest-sha3 (1.1.0)
    dotenv (2.2.1)
    faraday (0.13.1)
      multipart-post (>= 1.2, < 3)
    faraday_middleware (0.12.2)
      faraday (>= 0.7.4, < 1.0)
    multipart-post (2.0.0)
    nis-ruby (0.0.18)
      base32 (~> 0.3)
      digest-sha3 (~> 1.1)
      faraday (~> 0.11)
      faraday_middleware (~> 0.11)

PLATFORMS
  ruby

DEPENDENCIES
  dotenv
  nis-ruby

BUNDLED WITH
   1.15.4
